PATH
  remote: .
  specs:
    fantasy_football_lookup (0.1.0)
      nokogiri
      pastel (~> 0.7.1)

GEM
  remote: https://rubygems.org/
  specs:
    coderay (1.1.2)
    equatable (0.5.0)
    method_source (0.9.0)
    mini_portile2 (2.3.0)
    nokogiri (1.8.4)
      mini_portile2 (~> 2.3.0)
    pastel (0.7.1)
      equatable (~> 0.5.0)
      tty-color (~> 0.4.0)
    pry (0.11.3)
      coderay (~> 1.1.0)
      method_source (~> 0.9.0)
    rake (10.4.2)
    tty-color (0.4.3)

PLATFORMS
  ruby

DEPENDENCIES
  bundler (~> 1.16)
  fantasy_football_lookup!
  pry
  rake (~> 10.0)

BUNDLED WITH
   1.16.3
